PATH
  remote: .
  specs:
    departr (0.1)
      haml (~> 3.1)
      json (~> 1.6)
      sass (~> 3.1)
      sinatra (~> 1.3)
      tzinfo (~> 0.3)

GEM
  specs:
    haml (3.1.4)
    json (1.6.5)
    rack (1.4.0)
    rack-protection (1.2.0)
      rack
    sass (3.1.12)
    sinatra (1.3.2)
      rack (~> 1.3, >= 1.3.6)
      rack-protection (~> 1.2)
      tilt (~> 1.3, >= 1.3.3)
    tilt (1.3.3)
    tzinfo (0.3.31)

PLATFORMS
  ruby

DEPENDENCIES
  departr!
